PATH
  remote: .
  specs:
    rack-sanitizer (2.0.4)
      rack (>= 1.0, < 4.0)

GEM
  remote: https://rubygems.org/
  specs:
    ostruct (0.6.1)
    rack (3.0.14)
    rake (13.1.0)

PLATFORMS
  ruby

DEPENDENCIES
  ostruct
  rack-sanitizer!
  rake

BUNDLED WITH
   2.5.7
